GEM
  remote: https://rubygems.org/
  specs:
    activesupport (5.1.1)
      concurrent-ruby (~> 1.0, >= 1.0.2)
      i18n (~> 0.7)
      minitest (~> 5.1)
      tzinfo (~> 1.1)
    concurrent-ruby (1.0.5)
    dalli (2.7.6)
    dotenv (2.2.1)
    faraday (0.11.0)
      multipart-post (>= 1.2, < 3)
    fitbit-api-client (0.1.3)
      oauth2 (~> 1.0)
    i18n (0.8.4)
    jwt (1.5.6)
    minitest (5.10.2)
    multi_json (1.12.1)
    multi_xml (0.6.0)
    multipart-post (2.0.0)
    oauth2 (1.3.1)
      faraday (>= 0.8, < 0.12)
      jwt (~> 1.0)
      multi_json (~> 1.3)
      multi_xml (~> 0.5)
      rack (>= 1.2, < 3)
    rack (2.0.3)
    slack-notifier (2.2.1)
    thread_safe (0.3.6)
    tzinfo (1.2.3)
      thread_safe (~> 0.1)

PLATFORMS
  ruby

DEPENDENCIES
  activesupport
  dalli
  dotenv
  fitbit-api-client
  slack-notifier

RUBY VERSION
   ruby 2.4.1p111

BUNDLED WITH
   1.15.1
